REDIRECTS: OFF
STORAGE: NONE
RESTRICTION: || (== net48) (== net8.0) (== netstandard2.0)
NUGET
  remote: https://api.nuget.org/v3/index.json
    BlackFox.VsWhere (1.1)
      FSharp.Core (>= 4.0.0.1) - restriction: || (== net48) (&& (== net8.0) (>= net45)) (&& (== netstandard2.0) (>= net45))
      FSharp.Core (>= 4.2.3) - restriction: || (&& (== net48) (< net45)) (== net8.0) (== netstandard2.0)
      Microsoft.Win32.Registry (>= 4.7) - restriction: || (&& (== net48) (< net45)) (== net8.0) (== netstandard2.0)
    Chessie (0.6)
      FSharp.Core (>= 4.0.1.7-alpha)
      NETStandard.Library (>= 1.6)
    Fake.Api.GitHub (6.0)
      FSharp.Core (>= 6.0.3)
      Octokit (>= 0.50)
    Fake.Core.Context (6.0)
      FSharp.Core (>= 6.0.3)
    Fake.Core.Environment (6.0)
      FSharp.Core (>= 6.0.3)
    Fake.Core.FakeVar (6.0)
      Fake.Core.Context (>= 6.0)
      FSharp.Core (>= 6.0.3)
    Fake.Core.Process (6.0)
      Fake.Core.Environment (>= 6.0)
      Fake.Core.FakeVar (>= 6.0)
      Fake.Core.String (>= 6.0)
      Fake.Core.Trace (>= 6.0)
      Fake.IO.FileSystem (>= 6.0)
      FSharp.Core (>= 6.0.3)
      System.Collections.Immutable (>= 6.0)
    Fake.Core.ReleaseNotes (6.0)
      Fake.Core.SemVer (>= 6.0)
      Fake.Core.String (>= 6.0)
      FSharp.Core (>= 6.0.3)
    Fake.Core.SemVer (6.0)
      FSharp.Core (>= 6.0.3)
    Fake.Core.String (6.0)
      FSharp.Core (>= 6.0.3)
    Fake.Core.Tasks (6.0)
      Fake.Core.Trace (>= 6.0)
      FSharp.Core (>= 6.0.3)
    Fake.Core.Trace (6.0)
      Fake.Core.Environment (>= 6.0)
      Fake.Core.FakeVar (>= 6.0)
      FSharp.Core (>= 6.0.3)
    Fake.Core.Xml (6.0)
      Fake.Core.String (>= 6.0)
      FSharp.Core (>= 6.0.3)
    Fake.DotNet.Cli (6.0)
      Fake.Core.Environment (>= 6.0)
      Fake.Core.Process (>= 6.0)
      Fake.Core.String (>= 6.0)
      Fake.Core.Trace (>= 6.0)
      Fake.DotNet.MSBuild (>= 6.0)
      Fake.DotNet.NuGet (>= 6.0)
      Fake.IO.FileSystem (>= 6.0)
      FSharp.Core (>= 6.0.3)
      Mono.Posix.NETStandard (>= 1.0)
      Newtonsoft.Json (>= 13.0.1)
    Fake.DotNet.MSBuild (6.0)
      BlackFox.VsWhere (>= 1.1)
      Fake.Core.Environment (>= 6.0)
      Fake.Core.Process (>= 6.0)
      Fake.Core.String (>= 6.0)
      Fake.Core.Trace (>= 6.0)
      Fake.IO.FileSystem (>= 6.0)
      FSharp.Core (>= 6.0.3)
      MSBuild.StructuredLogger (>= 2.1.545)
    Fake.DotNet.NuGet (6.0)
      Fake.Core.Environment (>= 6.0)
      Fake.Core.Process (>= 6.0)
      Fake.Core.SemVer (>= 6.0)
      Fake.Core.String (>= 6.0)
      Fake.Core.Tasks (>= 6.0)
      Fake.Core.Trace (>= 6.0)
      Fake.Core.Xml (>= 6.0)
      Fake.IO.FileSystem (>= 6.0)
      Fake.Net.Http (>= 6.0)
      FSharp.Core (>= 6.0.3)
      Newtonsoft.Json (>= 13.0.1)
      NuGet.Protocol (>= 6.0)
    Fake.IO.FileSystem (6.0)
      Fake.Core.String (>= 6.0)
      Fake.Core.Trace (>= 6.0)
      FSharp.Core (>= 6.0.3)
    Fake.Net.Http (6.0)
      Fake.Core.Trace (>= 6.0)
      FSharp.Core (>= 6.0.3)
    Fake.Tools.Git (6.0)
      Fake.Core.Environment (>= 6.0)
      Fake.Core.Process (>= 6.0)
      Fake.Core.SemVer (>= 6.0)
      Fake.Core.String (>= 6.0)
      Fake.Core.Trace (>= 6.0)
      Fake.IO.FileSystem (>= 6.0)
      FSharp.Core (>= 6.0.3)
    FSharp.Core (6.0.3)
    FsUnit (5.6.1)
      FSharp.Core (>= 5.0.2)
      NUnit (>= 3.14 < 4.0)
    Microsoft.Bcl.AsyncInterfaces (8.0) - restriction: || (== net48) (&& (== net8.0) (>= net462)) (&& (== net8.0) (>= net472)) (&& (== net8.0) (< net5.0)) (== netstandard2.0)
      System.Threading.Tasks.Extensions (>= 4.5.4) - restriction: || (== net48) (&& (== net8.0) (>= net462)) (&& (== net8.0) (< netstandard2.1)) (== netstandard2.0)
    Microsoft.Build.Framework (17.0)
      System.Security.Permissions (>= 4.7) - restriction: || (&& (== net48) (< net472)) (== net8.0) (== netstandard2.0)
    Microsoft.Build.Utilities.Core (17.0)
      Microsoft.Build.Framework (>= 17.0)
      Microsoft.NET.StringTools (>= 1.0)
      Microsoft.VisualStudio.Setup.Configuration.Interop (>= 1.16.30) - restriction: || (== net48) (&& (== net8.0) (>= net472)) (&& (== netstandard2.0) (>= net472))
      Microsoft.Win32.Registry (>= 4.3) - restriction: || (&& (== net48) (< net472)) (== net8.0) (== netstandard2.0)
      System.Collections.Immutable (>= 5.0)
      System.Configuration.ConfigurationManager (>= 4.7)
      System.Security.Permissions (>= 4.7) - restriction: || (&& (== net48) (< net472)) (== net8.0) (== netstandard2.0)
      System.Text.Encoding.CodePages (>= 4.0.1) - restriction: || (&& (== net48) (< net472)) (== net8.0) (== netstandard2.0)
    Microsoft.CodeCoverage (17.11.1) - restriction: || (== net48) (== net8.0) (&& (== netstandard2.0) (>= net462)) (&& (== netstandard2.0) (>= netcoreapp3.1))
    Microsoft.NET.StringTools (17.11.4)
      System.Memory (>= 4.5.5) - restriction: || (== net48) (&& (== net8.0) (>= net472)) (== netstandard2.0)
      System.Runtime.CompilerServices.Unsafe (>= 6.0) - restriction: || (== net48) (&& (== net8.0) (>= net472)) (== netstandard2.0)
    Microsoft.NET.Test.Sdk (17.9)
      Microsoft.CodeCoverage (>= 17.9) - restriction: || (== net48) (== net8.0) (&& (== netstandard2.0) (>= net462)) (&& (== netstandard2.0) (>= netcoreapp3.1))
      Microsoft.TestPlatform.TestHost (>= 17.9) - restriction: || (&& (== net48) (>= netcoreapp3.1)) (== net8.0) (&& (== netstandard2.0) (>= netcoreapp3.1))
    Microsoft.NETCore.Platforms (7.0.4) - restriction: || (&& (== net48) (< net45)) (== net8.0) (== netstandard2.0)
    Microsoft.NETCore.Targets (5.0) - restriction: || (&& (== net48) (< net45)) (== net8.0) (== netstandard2.0)
    Microsoft.TestPlatform.ObjectModel (17.11.1) - restriction: || (&& (== net48) (>= netcoreapp3.1)) (== net8.0) (&& (== netstandard2.0) (>= netcoreapp3.1))
      System.Reflection.Metadata (>= 1.6)
    Microsoft.TestPlatform.TestHost (17.11.1) - restriction: || (&& (== net48) (>= netcoreapp3.1)) (== net8.0) (&& (== netstandard2.0) (>= netcoreapp3.1))
      Microsoft.TestPlatform.ObjectModel (>= 17.11.1) - restriction: || (&& (== net48) (>= netcoreapp3.1)) (== net8.0) (&& (== netstandard2.0) (>= netcoreapp3.1))
      Newtonsoft.Json (>= 13.0.1) - restriction: || (&& (== net48) (>= netcoreapp3.1)) (== net8.0) (&& (== netstandard2.0) (>= netcoreapp3.1))
    Microsoft.VisualStudio.Setup.Configuration.Interop (3.11.2177) - restriction: || (== net48) (&& (== net8.0) (>= net472)) (&& (== netstandard2.0) (>= net472))
    Microsoft.Win32.Registry (5.0) - restriction: || (&& (== net48) (< net45)) (== net8.0) (== netstandard2.0)
      System.Buffers (>= 4.5.1) - restriction: || (&& (== net48) (>= monoandroid) (< netstandard1.3)) (&& (== net48) (>= monotouch)) (&& (== net48) (< net46)) (&& (== net48) (>= xamarinios)) (&& (== net48) (>= xamarinmac)) (&& (== net48) (>= xamarintvos)) (&& (== net48) (>= xamarinwatchos)) (&& (== net8.0) (>= monoandroid) (< netstandard1.3)) (&& (== net8.0) (>= monotouch)) (&& (== net8.0) (< netcoreapp2.0)) (&& (== net8.0) (>= xamarinios)) (&& (== net8.0) (>= xamarinmac)) (&& (== net8.0) (>= xamarintvos)) (&& (== net8.0) (>= xamarinwatchos)) (== netstandard2.0)
      System.Memory (>= 4.5.4) - restriction: || (&& (== net48) (< net46)) (&& (== net48) (>= netcoreapp2.0)) (&& (== net48) (>= uap10.1)) (&& (== net8.0) (< netcoreapp2.0)) (&& (== net8.0) (< netcoreapp2.1)) (&& (== net8.0) (>= uap10.1)) (== netstandard2.0)
      System.Security.AccessControl (>= 5.0)
      System.Security.Principal.Windows (>= 5.0)
    Mono.Cecil (0.11.5)
    Mono.Posix.NETStandard (1.0)
    MSBuild.StructuredLogger (2.1.815)
      Microsoft.Build.Framework (>= 16.10)
      Microsoft.Build.Utilities.Core (>= 16.10)
    NETStandard.Library (2.0.3)
      Microsoft.NETCore.Platforms (>= 1.1)
    Newtonsoft.Json (13.0.3)
    NuGet.Common (6.11)
      NuGet.Frameworks (>= 6.11)
    NuGet.Configuration (6.11)
      NuGet.Common (>= 6.11)
      System.Security.Cryptography.ProtectedData (>= 4.4) - restriction: || (&& (== net48) (< net472)) (== net8.0) (== netstandard2.0)
    NuGet.Frameworks (6.11)
    NuGet.Packaging (6.11)
      Newtonsoft.Json (>= 13.0.3)
      NuGet.Configuration (>= 6.11)
      NuGet.Versioning (>= 6.11)
      System.Security.Cryptography.Pkcs (>= 6.0.4) - restriction: || (&& (== net48) (< net472)) (&& (== net48) (>= net5.0)) (== net8.0) (== netstandard2.0)
    NuGet.Protocol (6.11)
      NuGet.Packaging (>= 6.11)
      System.Text.Json (>= 7.0.3) - restriction: || (== net48) (&& (== net8.0) (>= net472)) (&& (== net8.0) (< net5.0)) (== netstandard2.0)
    NuGet.Versioning (6.11)
    NUnit (3.14)
      NETStandard.Library (>= 2.0) - restriction: || (&& (== net48) (< net35)) (== net8.0) (== netstandard2.0)
    NUnit3TestAdapter (4.5)
    Octokit (13.0.1)
    Paket.Core (8.0.3)
      Chessie (>= 0.6)
      FSharp.Core (6.0.3)
      Mono.Cecil (>= 0.11.3 < 0.12)
      Newtonsoft.Json (>= 13.0.1)
      NuGet.Packaging (>= 5.9.1)
      System.Net.Http (>= 4.3.4) - restriction: || (&& (== net48) (< net461)) (== net8.0) (== netstandard2.0)
      System.Net.Http.WinHttpHandler (>= 5.0)
      System.Security.Cryptography.ProtectedData (>= 5.0)
    runtime.debian.8-x64.runtime.native.System.Security.Cryptography.OpenSsl (4.3.3) - restriction: || (&& (== net48) (< net45)) (== net8.0) (== netstandard2.0)
    runtime.debian.9-x64.runtime.native.System.Security.Cryptography.OpenSsl (4.3.3) - restriction: || (&& (== net48) (< net45)) (== net8.0) (== netstandard2.0)
    runtime.fedora.23-x64.runtime.native.System.Security.Cryptography.OpenSsl (4.3.3) - restriction: || (&& (== net48) (< net45)) (== net8.0) (== netstandard2.0)
    runtime.fedora.24-x64.runtime.native.System.Security.Cryptography.OpenSsl (4.3.3) - restriction: || (&& (== net48) (< net45)) (== net8.0) (== netstandard2.0)
    runtime.fedora.27-x64.runtime.native.System.Security.Cryptography.OpenSsl (4.3.3) - restriction: || (&& (== net48) (< net45)) (== net8.0) (== netstandard2.0)
    runtime.fedora.28-x64.runtime.native.System.Security.Cryptography.OpenSsl (4.3.3) - restriction: || (&& (== net48) (< net45)) (== net8.0) (== netstandard2.0)
    runtime.native.System (4.3.1) - restriction: || (&& (== net48) (< net45)) (== net8.0) (== netstandard2.0)
      Microsoft.NETCore.Platforms (>= 1.1.1)
      Microsoft.NETCore.Targets (>= 1.1.3)
    runtime.native.System.Net.Http (4.3.1) - restriction: || (&& (== net48) (< net45)) (== net8.0) (== netstandard2.0)
      Microsoft.NETCore.Platforms (>= 1.1.1)
      Microsoft.NETCore.Targets (>= 1.1.3)
    runtime.native.System.Security.Cryptography.Apple (4.3.1) - restriction: || (&& (== net48) (< net45)) (== net8.0) (== netstandard2.0)
      runtime.osx.10.10-x64.runtime.native.System.Security.Cryptography.Apple (>= 4.3.1)
    runtime.native.System.Security.Cryptography.OpenSsl (4.3.3) - restriction: || (&& (== net48) (< net45)) (== net8.0) (== netstandard2.0)
      runtime.debian.8-x64.runtime.native.System.Security.Cryptography.OpenSsl (>= 4.3.3)
      runtime.debian.9-x64.runtime.native.System.Security.Cryptography.OpenSsl (>= 4.3.3)
      runtime.fedora.23-x64.runtime.native.System.Security.Cryptography.OpenSsl (>= 4.3.3)
      runtime.fedora.24-x64.runtime.native.System.Security.Cryptography.OpenSsl (>= 4.3.3)
      runtime.fedora.27-x64.runtime.native.System.Security.Cryptography.OpenSsl (>= 4.3.3)
      runtime.fedora.28-x64.runtime.native.System.Security.Cryptography.OpenSsl (>= 4.3.3)
      runtime.opensuse.13.2-x64.runtime.native.System.Security.Cryptography.OpenSsl (>= 4.3.3)
      runtime.opensuse.42.1-x64.runtime.native.System.Security.Cryptography.OpenSsl (>= 4.3.3)
      runtime.opensuse.42.3-x64.runtime.native.System.Security.Cryptography.OpenSsl (>= 4.3.3)
      runtime.osx.10.10-x64.runtime.native.System.Security.Cryptography.OpenSsl (>= 4.3.3)
      runtime.rhel.7-x64.runtime.native.System.Security.Cryptography.OpenSsl (>= 4.3.3)
      runtime.ubuntu.14.04-x64.runtime.native.System.Security.Cryptography.OpenSsl (>= 4.3.3)
      runtime.ubuntu.16.04-x64.runtime.native.System.Security.Cryptography.OpenSsl (>= 4.3.3)
      runtime.ubuntu.16.10-x64.runtime.native.System.Security.Cryptography.OpenSsl (>= 4.3.3)
      runtime.ubuntu.18.04-x64.runtime.native.System.Security.Cryptography.OpenSsl (>= 4.3.3)
    runtime.opensuse.13.2-x64.runtime.native.System.Security.Cryptography.OpenSsl (4.3.3) - restriction: || (&& (== net48) (< net45)) (== net8.0) (== netstandard2.0)
    runtime.opensuse.42.1-x64.runtime.native.System.Security.Cryptography.OpenSsl (4.3.3) - restriction: || (&& (== net48) (< net45)) (== net8.0) (== netstandard2.0)
    runtime.opensuse.42.3-x64.runtime.native.System.Security.Cryptography.OpenSsl (4.3.3) - restriction: || (&& (== net48) (< net45)) (== net8.0) (== netstandard2.0)
    runtime.osx.10.10-x64.runtime.native.System.Security.Cryptography.Apple (4.3.1) - restriction: || (&& (== net48) (< net45)) (== net8.0) (== netstandard2.0)
    runtime.osx.10.10-x64.runtime.native.System.Security.Cryptography.OpenSsl (4.3.3) - restriction: || (&& (== net48) (< net45)) (== net8.0) (== netstandard2.0)
    runtime.rhel.7-x64.runtime.native.System.Security.Cryptography.OpenSsl (4.3.3) - restriction: || (&& (== net48) (< net45)) (== net8.0) (== netstandard2.0)
    runtime.ubuntu.14.04-x64.runtime.native.System.Security.Cryptography.OpenSsl (4.3.3) - restriction: || (&& (== net48) (< net45)) (== net8.0) (== netstandard2.0)
    runtime.ubuntu.16.04-x64.runtime.native.System.Security.Cryptography.OpenSsl (4.3.3) - restriction: || (&& (== net48) (< net45)) (== net8.0) (== netstandard2.0)
    runtime.ubuntu.16.10-x64.runtime.native.System.Security.Cryptography.OpenSsl (4.3.3) - restriction: || (&& (== net48) (< net45)) (== net8.0) (== netstandard2.0)
    runtime.ubuntu.18.04-x64.runtime.native.System.Security.Cryptography.OpenSsl (4.3.3) - restriction: || (&& (== net48) (< net45)) (== net8.0) (== netstandard2.0)
    SharpZipLib (1.4.2)
      System.Memory (>= 4.5.4) - restriction: || (== net48) (&& (== net8.0) (< netstandard2.1)) (== netstandard2.0)
      System.Threading.Tasks.Extensions (>= 4.5.2) - restriction: || (== net48) (&& (== net8.0) (< netstandard2.1)) (== netstandard2.0)
    System.Buffers (4.5.1) - restriction: || (== net48) (&& (== net8.0) (>= monotouch)) (&& (== net8.0) (>= net461)) (&& (== net8.0) (>= net462)) (&& (== net8.0) (< netstandard1.1)) (&& (== net8.0) (< netstandard2.0)) (&& (== net8.0) (< netstandard2.1)) (== netstandard2.0)
    System.Collections (4.3) - restriction: || (&& (== net48) (< net45)) (== net8.0) (== netstandard2.0)
      Microsoft.NETCore.Platforms (>= 1.1) - restriction: || (&& (== net48) (< net45)) (== net8.0) (== netstandard2.0)
      Microsoft.NETCore.Targets (>= 1.1) - restriction: || (&& (== net48) (< net45)) (== net8.0) (== netstandard2.0)
      System.Runtime (>= 4.3) - restriction: || (&& (== net48) (< net45)) (== net8.0) (== netstandard2.0)
    System.Collections.Concurrent (4.3) - restriction: || (&& (== net48) (< net45)) (== net8.0) (== netstandard2.0)
      System.Collections (>= 4.3) - restriction: || (&& (== net48) (< net45)) (== net8.0) (== netstandard2.0)
      System.Diagnostics.Debug (>= 4.3) - restriction: || (&& (== net48) (< net45)) (== net8.0) (== netstandard2.0)
      System.Diagnostics.Tracing (>= 4.3) - restriction: || (&& (== net48) (< net45)) (== net8.0) (== netstandard2.0)
      System.Globalization (>= 4.3) - restriction: || (&& (== net48) (< net45)) (== net8.0) (== netstandard2.0)
      System.Reflection (>= 4.3) - restriction: || (&& (== net48) (< net45)) (== net8.0) (== netstandard2.0)
      System.Resources.ResourceManager (>= 4.3) - restriction: || (&& (== net48) (< net45)) (== net8.0) (== netstandard2.0)
      System.Runtime (>= 4.3) - restriction: || (&& (== net48) (< net45)) (== net8.0) (== netstandard2.0)
      System.Runtime.Extensions (>= 4.3) - restriction: || (&& (== net48) (< net45)) (== net8.0) (== netstandard2.0)
      System.Threading (>= 4.3) - restriction: || (&& (== net48) (< net45)) (== net8.0) (== netstandard2.0)
      System.Threading.Tasks (>= 4.3) - restriction: || (&& (== net48) (< net45)) (== net8.0) (== netstandard2.0)
    System.Collections.Immutable (8.0)
      System.Memory (>= 4.5.5) - restriction: || (== net48) (&& (== net8.0) (>= net462)) (&& (== net8.0) (< net6.0)) (== netstandard2.0)
      System.Runtime.CompilerServices.Unsafe (>= 6.0) - restriction: || (== net48) (&& (== net8.0) (>= net462)) (&& (== net8.0) (< net6.0)) (&& (== net8.0) (< net7.0)) (== netstandard2.0)
    System.Configuration.ConfigurationManager (8.0)
      System.Diagnostics.EventLog (>= 8.0) - restriction: || (&& (== net48) (>= net7.0)) (== net8.0) (&& (== netstandard2.0) (>= net7.0))
      System.Security.Cryptography.ProtectedData (>= 8.0) - restriction: || (&& (== net48) (< net462)) (&& (== net48) (>= net6.0)) (== net8.0) (== netstandard2.0)
    System.Diagnostics.Debug (4.3) - restriction: || (&& (== net48) (< net45)) (== net8.0) (== netstandard2.0)
      Microsoft.NETCore.Platforms (>= 1.1) - restriction: || (&& (== net48) (< net45)) (== net8.0) (== netstandard2.0)
      Microsoft.NETCore.Targets (>= 1.1) - restriction: || (&& (== net48) (< net45)) (== net8.0) (== netstandard2.0)
      System.Runtime (>= 4.3) - restriction: || (&& (== net48) (< net45)) (== net8.0) (== netstandard2.0)
    System.Diagnostics.DiagnosticSource (8.0.1) - restriction: || (&& (== net48) (< net45)) (== net8.0) (== netstandard2.0)
      System.Memory (>= 4.5.5) - restriction: || (== net48) (&& (== net8.0) (>= net462)) (&& (== net8.0) (< net6.0)) (== netstandard2.0)
      System.Runtime.CompilerServices.Unsafe (>= 6.0) - restriction: || (== net48) (&& (== net8.0) (>= net462)) (&& (== net8.0) (< net6.0)) (&& (== net8.0) (< net7.0)) (== netstandard2.0)
    System.Diagnostics.EventLog (8.0) - restriction: || (&& (== net48) (>= net7.0)) (== net8.0) (&& (== netstandard2.0) (>= net7.0))
    System.Diagnostics.Tracing (4.3) - restriction: || (&& (== net48) (< net45)) (== net8.0) (== netstandard2.0)
      Microsoft.NETCore.Platforms (>= 1.1) - restriction: || (&& (== net48) (< net45)) (== net8.0) (== netstandard2.0)
      Microsoft.NETCore.Targets (>= 1.1) - restriction: || (&& (== net48) (< net45)) (== net8.0) (== netstandard2.0)
      System.Runtime (>= 4.3) - restriction: || (&& (== net48) (< net45)) (== net8.0) (== netstandard2.0)
    System.Formats.Asn1 (8.0.1) - restriction: || (&& (== net48) (< net462)) (&& (== net48) (>= net5.0)) (&& (== net48) (>= netcoreapp3.0)) (&& (== net48) (>= netstandard2.1)) (== net8.0) (== netstandard2.0)
      System.Buffers (>= 4.5.1) - restriction: || (== net48) (&& (== net8.0) (>= net462)) (&& (== net8.0) (< net6.0)) (== netstandard2.0)
      System.Memory (>= 4.5.5) - restriction: || (== net48) (&& (== net8.0) (>= net462)) (&& (== net8.0) (< net6.0)) (== netstandard2.0)
    System.Globalization (4.3) - restriction: || (&& (== net48) (< net45)) (== net8.0) (== netstandard2.0)
      Microsoft.NETCore.Platforms (>= 1.1) - restriction: || (&& (== net48) (< net45)) (== net8.0) (== netstandard2.0)
      Microsoft.NETCore.Targets (>= 1.1) - restriction: || (&& (== net48) (< net45)) (== net8.0) (== netstandard2.0)
      System.Runtime (>= 4.3) - restriction: || (&& (== net48) (< net45)) (== net8.0) (== netstandard2.0)
    System.Globalization.Calendars (4.3) - restriction: || (&& (== net48) (< net45)) (&& (== net48) (< net46)) (== net8.0) (== netstandard2.0)
      Microsoft.NETCore.Platforms (>= 1.1) - restriction: || (&& (== net48) (< net46)) (== net8.0) (== netstandard2.0)
      Microsoft.NETCore.Targets (>= 1.1) - restriction: || (&& (== net48) (< net46)) (== net8.0) (== netstandard2.0)
      System.Globalization (>= 4.3) - restriction: || (&& (== net48) (< net46)) (== net8.0) (== netstandard2.0)
      System.Runtime (>= 4.3) - restriction: || (&& (== net48) (< net46)) (== net8.0) (== netstandard2.0)
    System.Globalization.Extensions (4.3) - restriction: || (&& (== net48) (< net45)) (== net8.0) (== netstandard2.0)
      Microsoft.NETCore.Platforms (>= 1.1) - restriction: || (&& (== net48) (< net46)) (== net8.0) (== netstandard2.0)
      System.Globalization (>= 4.3) - restriction: || (&& (== net48) (< net46)) (== net8.0) (== netstandard2.0)
      System.Resources.ResourceManager (>= 4.3) - restriction: || (&& (== net48) (< net46)) (== net8.0) (== netstandard2.0)
      System.Runtime (>= 4.3) - restriction: || (&& (== net48) (< net46)) (== net8.0) (== netstandard2.0)
      System.Runtime.Extensions (>= 4.3) - restriction: || (&& (== net48) (< net46)) (== net8.0) (== netstandard2.0)
      System.Runtime.InteropServices (>= 4.3) - restriction: || (&& (== net48) (< net46)) (== net8.0) (== netstandard2.0)
    System.IO (4.3) - restriction: || (&& (== net48) (< net45)) (== net8.0) (== netstandard2.0)
      Microsoft.NETCore.Platforms (>= 1.1) - restriction: || (&& (== net48) (< net45)) (== net8.0) (== netstandard2.0)
      Microsoft.NETCore.Targets (>= 1.1) - restriction: || (&& (== net48) (< net45)) (== net8.0) (== netstandard2.0)
      System.Runtime (>= 4.3) - restriction: || (&& (== net48) (< net45)) (== net8.0) (== netstandard2.0)
      System.Text.Encoding (>= 4.3) - restriction: || (&& (== net48) (< net45)) (== net8.0) (== netstandard2.0)
      System.Threading.Tasks (>= 4.3) - restriction: || (&& (== net48) (< net45)) (== net8.0) (== netstandard2.0)
    System.IO.FileSystem (4.3) - restriction: || (&& (== net48) (< net45)) (== net8.0) (== netstandard2.0)
      Microsoft.NETCore.Platforms (>= 1.1) - restriction: || (&& (== net48) (< net46)) (== net8.0) (== netstandard2.0)
      Microsoft.NETCore.Targets (>= 1.1) - restriction: || (&& (== net48) (< net46)) (== net8.0) (== netstandard2.0)
      System.IO (>= 4.3) - restriction: || (&& (== net48) (< net46)) (== net8.0) (== netstandard2.0)
      System.IO.FileSystem.Primitives (>= 4.3)
      System.Runtime (>= 4.3) - restriction: || (&& (== net48) (< net46)) (== net8.0) (== netstandard2.0)
      System.Runtime.Handles (>= 4.3) - restriction: || (&& (== net48) (< net46)) (== net8.0) (== netstandard2.0)
      System.Text.Encoding (>= 4.3) - restriction: || (&& (== net48) (< net46)) (== net8.0) (== netstandard2.0)
      System.Threading.Tasks (>= 4.3) - restriction: || (&& (== net48) (< net46)) (== net8.0) (== netstandard2.0)
    System.IO.FileSystem.Primitives (4.3) - restriction: || (&& (== net48) (< net45)) (== net8.0) (== netstandard2.0)
      System.Runtime (>= 4.3) - restriction: || (&& (== net48) (< net46)) (== net8.0) (== netstandard2.0)
    System.Linq (4.3) - restriction: || (&& (== net48) (< net45)) (== net8.0) (== netstandard2.0)
      System.Collections (>= 4.3) - restriction: || (&& (== net48) (< net45)) (== net8.0) (== netstandard2.0)
      System.Diagnostics.Debug (>= 4.3) - restriction: || (&& (== net48) (< net45)) (== net8.0) (== netstandard2.0)
      System.Resources.ResourceManager (>= 4.3) - restriction: || (&& (== net48) (< net45)) (== net8.0) (== netstandard2.0)
      System.Runtime (>= 4.3) - restriction: || (&& (== net48) (< net45)) (== net8.0) (== netstandard2.0)
      System.Runtime.Extensions (>= 4.3) - restriction: || (&& (== net48) (< net45)) (== net8.0) (== netstandard2.0)
    System.Memory (4.5.5) - restriction: || (== net48) (&& (== net8.0) (>= net462)) (&& (== net8.0) (< net6.0)) (&& (== net8.0) (< netstandard2.1)) (== netstandard2.0)
      System.Buffers (>= 4.5.1) - restriction: || (== net48) (&& (== net8.0) (>= monotouch)) (&& (== net8.0) (>= net461)) (&& (== net8.0) (< netcoreapp2.0)) (&& (== net8.0) (< netstandard1.1)) (&& (== net8.0) (< netstandard2.0)) (&& (== net8.0) (>= xamarinios)) (&& (== net8.0) (>= xamarinmac)) (&& (== net8.0) (>= xamarintvos)) (&& (== net8.0) (>= xamarinwatchos)) (== netstandard2.0)
      System.Numerics.Vectors (>= 4.4) - restriction: || (&& (== net48) (< net45)) (&& (== net8.0) (< netcoreapp2.0)) (== netstandard2.0)
      System.Numerics.Vectors (>= 4.5) - restriction: || (== net48) (&& (== net8.0) (>= net461)) (&& (== netstandard2.0) (>= net461))
      System.Runtime.CompilerServices.Unsafe (>= 4.5.3) - restriction: || (== net48) (&& (== net8.0) (>= monotouch)) (&& (== net8.0) (>= net461)) (&& (== net8.0) (< netcoreapp2.0)) (&& (== net8.0) (< netcoreapp2.1)) (&& (== net8.0) (< netstandard1.1)) (&& (== net8.0) (< netstandard2.0)) (&& (== net8.0) (>= uap10.1)) (&& (== net8.0) (>= xamarinios)) (&& (== net8.0) (>= xamarinmac)) (&& (== net8.0) (>= xamarintvos)) (&& (== net8.0) (>= xamarinwatchos)) (== netstandard2.0)
    System.Net.Http (4.3.4) - restriction: || (&& (== net48) (< net461)) (== net8.0) (== netstandard2.0)
      Microsoft.NETCore.Platforms (>= 1.1.1) - restriction: || (&& (== net48) (< net45)) (== net8.0) (== netstandard2.0)
      runtime.native.System (>= 4.3) - restriction: || (&& (== net48) (< net45)) (== net8.0) (== netstandard2.0)
      runtime.native.System.Net.Http (>= 4.3) - restriction: || (&& (== net48) (< net45)) (== net8.0) (== netstandard2.0)
      runtime.native.System.Security.Cryptography.OpenSsl (>= 4.3.2) - restriction: || (&& (== net48) (< net45)) (== net8.0) (== netstandard2.0)
      System.Collections (>= 4.3) - restriction: || (&& (== net48) (< net45)) (== net8.0) (== netstandard2.0)
      System.Diagnostics.Debug (>= 4.3) - restriction: || (&& (== net48) (< net45)) (== net8.0) (== netstandard2.0)
      System.Diagnostics.DiagnosticSource (>= 4.3) - restriction: || (&& (== net48) (< net45)) (== net8.0) (== netstandard2.0)
      System.Diagnostics.Tracing (>= 4.3) - restriction: || (&& (== net48) (< net45)) (== net8.0) (== netstandard2.0)
      System.Globalization (>= 4.3) - restriction: || (&& (== net48) (< net45)) (== net8.0) (== netstandard2.0)
      System.Globalization.Extensions (>= 4.3) - restriction: || (&& (== net48) (< net45)) (== net8.0) (== netstandard2.0)
      System.IO (>= 4.3) - restriction: || (&& (== net48) (< net45)) (== net8.0) (== netstandard2.0)
      System.IO.FileSystem (>= 4.3) - restriction: || (&& (== net48) (< net45)) (== net8.0) (== netstandard2.0)
      System.Net.Primitives (>= 4.3) - restriction: || (&& (== net48) (< net45)) (== net8.0) (== netstandard2.0)
      System.Resources.ResourceManager (>= 4.3) - restriction: || (&& (== net48) (< net45)) (== net8.0) (== netstandard2.0)
      System.Runtime (>= 4.3) - restriction: || (&& (== net48) (< net45)) (== net8.0) (== netstandard2.0)
      System.Runtime.Extensions (>= 4.3) - restriction: || (&& (== net48) (< net45)) (== net8.0) (== netstandard2.0)
      System.Runtime.Handles (>= 4.3) - restriction: || (&& (== net48) (< net45)) (== net8.0) (== netstandard2.0)
      System.Runtime.InteropServices (>= 4.3) - restriction: || (&& (== net48) (< net45)) (== net8.0) (== netstandard2.0)
      System.Security.Cryptography.Algorithms (>= 4.3) - restriction: || (&& (== net48) (< net45)) (== net8.0) (== netstandard2.0)
      System.Security.Cryptography.Encoding (>= 4.3) - restriction: || (&& (== net48) (< net45)) (== net8.0) (== netstandard2.0)
      System.Security.Cryptography.OpenSsl (>= 4.3) - restriction: || (&& (== net48) (< net45)) (== net8.0) (== netstandard2.0)
      System.Security.Cryptography.Primitives (>= 4.3) - restriction: || (&& (== net48) (< net45)) (== net8.0) (== netstandard2.0)
      System.Security.Cryptography.X509Certificates (>= 4.3)
      System.Text.Encoding (>= 4.3) - restriction: || (&& (== net48) (< net45)) (== net8.0) (== netstandard2.0)
      System.Threading (>= 4.3) - restriction: || (&& (== net48) (< net45)) (== net8.0) (== netstandard2.0)
      System.Threading.Tasks (>= 4.3) - restriction: || (&& (== net48) (< net45)) (== net8.0) (== netstandard2.0)
    System.Net.Http.WinHttpHandler (8.0.2)
      System.Buffers (>= 4.5.1) - restriction: || (== net48) (&& (== net8.0) (>= net462)) (&& (== netstandard2.0) (>= net462))
      System.Memory (>= 4.5.5) - restriction: || (== net48) (&& (== net8.0) (>= net462)) (&& (== netstandard2.0) (>= net462))
    System.Net.Primitives (4.3.1) - restriction: || (&& (== net48) (< net45)) (== net8.0) (== netstandard2.0)
      Microsoft.NETCore.Platforms (>= 1.1.1) - restriction: || (&& (== net48) (< net45)) (&& (== net48) (< netstandard1.1)) (== net8.0) (== netstandard2.0)
      Microsoft.NETCore.Targets (>= 1.1.3) - restriction: || (&& (== net48) (< net45)) (&& (== net48) (< netstandard1.1)) (== net8.0) (== netstandard2.0)
      System.Runtime (>= 4.3.1) - restriction: || (&& (== net48) (< net45)) (&& (== net48) (< netstandard1.1)) (== net8.0) (== netstandard2.0)
      System.Runtime.Handles (>= 4.3) - restriction: || (&& (== net48) (< net45)) (== net8.0) (== netstandard2.0)
    System.Numerics.Vectors (4.5) - restriction: || (== net48) (&& (== net8.0) (>= net461)) (&& (== net8.0) (< netcoreapp2.0) (< netstandard2.1)) (== netstandard2.0)
    System.Reflection (4.3) - restriction: || (&& (== net48) (< net45)) (== net8.0) (== netstandard2.0)
      Microsoft.NETCore.Platforms (>= 1.1) - restriction: || (&& (== net48) (< net45)) (== net8.0) (== netstandard2.0)
      Microsoft.NETCore.Targets (>= 1.1) - restriction: || (&& (== net48) (< net45)) (== net8.0) (== netstandard2.0)
      System.IO (>= 4.3) - restriction: || (&& (== net48) (< net45)) (== net8.0) (== netstandard2.0)
      System.Reflection.Primitives (>= 4.3) - restriction: || (&& (== net48) (< net45)) (== net8.0) (== netstandard2.0)
      System.Runtime (>= 4.3) - restriction: || (&& (== net48) (< net45)) (== net8.0) (== netstandard2.0)
    System.Reflection.Metadata (8.0) - restriction: || (&& (== net48) (>= netcoreapp3.1)) (== net8.0) (&& (== netstandard2.0) (>= netcoreapp3.1))
      System.Collections.Immutable (>= 8.0)
    System.Reflection.Primitives (4.3) - restriction: || (&& (== net48) (< net45)) (&& (== net48) (>= netcoreapp1.1)) (== net8.0) (== netstandard2.0)
      Microsoft.NETCore.Platforms (>= 1.1) - restriction: || (&& (== net48) (< net45)) (== net8.0) (== netstandard2.0)
      Microsoft.NETCore.Targets (>= 1.1) - restriction: || (&& (== net48) (< net45)) (== net8.0) (== netstandard2.0)
      System.Runtime (>= 4.3) - restriction: || (&& (== net48) (< net45)) (== net8.0) (== netstandard2.0)
    System.Resources.ResourceManager (4.3) - restriction: || (&& (== net48) (< net45)) (== net8.0) (== netstandard2.0)
      Microsoft.NETCore.Platforms (>= 1.1) - restriction: || (&& (== net48) (< net45)) (== net8.0) (== netstandard2.0)
      Microsoft.NETCore.Targets (>= 1.1) - restriction: || (&& (== net48) (< net45)) (== net8.0) (== netstandard2.0)
      System.Globalization (>= 4.3) - restriction: || (&& (== net48) (< net45)) (== net8.0) (== netstandard2.0)
      System.Reflection (>= 4.3) - restriction: || (&& (== net48) (< net45)) (== net8.0) (== netstandard2.0)
      System.Runtime (>= 4.3) - restriction: || (&& (== net48) (< net45)) (== net8.0) (== netstandard2.0)
    System.Runtime (4.3.1) - restriction: || (&& (== net48) (< net45)) (&& (== net48) (< netstandard1.1)) (== net8.0) (== netstandard2.0)
      Microsoft.NETCore.Platforms (>= 1.1.1) - restriction: || (&& (== net48) (< net45)) (== net8.0) (== netstandard2.0)
      Microsoft.NETCore.Targets (>= 1.1.3) - restriction: || (&& (== net48) (< net45)) (== net8.0) (== netstandard2.0)
    System.Runtime.CompilerServices.Unsafe (6.0) - restriction: || (== net48) (&& (== net8.0) (>= net462)) (&& (== net8.0) (< net6.0)) (&& (== net8.0) (< net7.0)) (== netstandard2.0)
    System.Runtime.Extensions (4.3.1) - restriction: || (&& (== net48) (< net45)) (== net8.0) (== netstandard2.0)
      Microsoft.NETCore.Platforms (>= 1.1.1) - restriction: || (&& (== net48) (< net45)) (== net8.0) (== netstandard2.0)
      Microsoft.NETCore.Targets (>= 1.1.3) - restriction: || (&& (== net48) (< net45)) (== net8.0) (== netstandard2.0)
      System.Runtime (>= 4.3.1) - restriction: || (&& (== net48) (< net45)) (== net8.0) (== netstandard2.0)
    System.Runtime.Handles (4.3) - restriction: || (&& (== net48) (< net45)) (== net8.0) (== netstandard2.0)
      Microsoft.NETCore.Platforms (>= 1.1) - restriction: || (&& (== net48) (< net46)) (== net8.0) (== netstandard2.0)
      Microsoft.NETCore.Targets (>= 1.1) - restriction: || (&& (== net48) (< net46)) (== net8.0) (== netstandard2.0)
      System.Runtime (>= 4.3) - restriction: || (&& (== net48) (< net46)) (== net8.0) (== netstandard2.0)
    System.Runtime.InteropServices (4.3) - restriction: || (&& (== net48) (< net45)) (== net8.0) (== netstandard2.0)
      Microsoft.NETCore.Platforms (>= 1.1) - restriction: || (&& (== net48) (< net45)) (&& (== net48) (>= netcoreapp1.1)) (== net8.0) (== netstandard2.0)
      Microsoft.NETCore.Targets (>= 1.1) - restriction: || (&& (== net48) (< net45)) (&& (== net48) (>= netcoreapp1.1)) (== net8.0) (== netstandard2.0)
      System.Reflection (>= 4.3) - restriction: || (&& (== net48) (< net45)) (&& (== net48) (>= netcoreapp1.1)) (== net8.0) (== netstandard2.0)
      System.Reflection.Primitives (>= 4.3) - restriction: || (&& (== net48) (< net45)) (&& (== net48) (>= netcoreapp1.1)) (== net8.0) (== netstandard2.0)
      System.Runtime (>= 4.3)
      System.Runtime.Handles (>= 4.3) - restriction: || (&& (== net48) (< net45)) (&& (== net48) (>= netcoreapp1.1)) (== net8.0) (== netstandard2.0)
    System.Runtime.Numerics (4.3) - restriction: || (&& (== net48) (< net45)) (== net8.0) (== netstandard2.0)
      System.Globalization (>= 4.3) - restriction: || (&& (== net48) (< net45)) (== net8.0) (== netstandard2.0)
      System.Resources.ResourceManager (>= 4.3) - restriction: || (&& (== net48) (< net45)) (== net8.0) (== netstandard2.0)
      System.Runtime (>= 4.3) - restriction: || (&& (== net48) (< net45)) (== net8.0) (== netstandard2.0)
      System.Runtime.Extensions (>= 4.3) - restriction: || (&& (== net48) (< net45)) (== net8.0) (== netstandard2.0)
    System.Security.AccessControl (6.0.1) - restriction: || (&& (== net48) (>= monoandroid) (< netstandard1.3)) (&& (== net48) (>= monotouch)) (&& (== net48) (< net45)) (&& (== net48) (< net472)) (&& (== net48) (>= netcoreapp2.0)) (&& (== net48) (>= netcoreapp2.1)) (&& (== net48) (>= uap10.1)) (&& (== net48) (>= xamarinios)) (&& (== net48) (>= xamarinmac)) (&& (== net48) (>= xamarintvos)) (&& (== net48) (>= xamarinwatchos)) (== net8.0) (== netstandard2.0)
      System.Security.Principal.Windows (>= 5.0) - restriction: || (== net48) (&& (== net8.0) (>= net461)) (&& (== net8.0) (< net6.0)) (== netstandard2.0)
    System.Security.Cryptography.Algorithms (4.3.1) - restriction: || (&& (== net48) (< net45)) (== net8.0) (== netstandard2.0)
      Microsoft.NETCore.Platforms (>= 1.1) - restriction: || (&& (== net48) (< net46)) (== net8.0) (== netstandard2.0)
      runtime.native.System.Security.Cryptography.Apple (>= 4.3.1) - restriction: || (&& (== net48) (< net46)) (== net8.0) (== netstandard2.0)
      runtime.native.System.Security.Cryptography.OpenSsl (>= 4.3.2) - restriction: || (&& (== net48) (< net46)) (== net8.0) (== netstandard2.0)
      System.Collections (>= 4.3) - restriction: || (&& (== net48) (< net46)) (== net8.0) (== netstandard2.0)
      System.IO (>= 4.3)
      System.Resources.ResourceManager (>= 4.3) - restriction: || (&& (== net48) (< net46)) (== net8.0) (== netstandard2.0)
      System.Runtime (>= 4.3)
      System.Runtime.Extensions (>= 4.3) - restriction: || (&& (== net48) (< net46)) (== net8.0) (== netstandard2.0)
      System.Runtime.Handles (>= 4.3) - restriction: || (&& (== net48) (< net46)) (== net8.0) (== netstandard2.0)
      System.Runtime.InteropServices (>= 4.3) - restriction: || (&& (== net48) (< net46)) (== net8.0) (== netstandard2.0)
      System.Runtime.Numerics (>= 4.3) - restriction: || (&& (== net48) (< net46)) (== net8.0) (== netstandard2.0)
      System.Security.Cryptography.Encoding (>= 4.3)
      System.Security.Cryptography.Primitives (>= 4.3)
      System.Text.Encoding (>= 4.3) - restriction: || (&& (== net48) (< net46)) (== net8.0) (== netstandard2.0)
    System.Security.Cryptography.Cng (5.0) - restriction: || (&& (== net48) (< net45)) (&& (== net48) (< net46)) (&& (== net48) (< net462)) (&& (== net48) (>= net5.0)) (&& (== net48) (>= netstandard2.1)) (== net8.0) (== netstandard2.0)
    System.Security.Cryptography.Csp (4.3) - restriction: || (&& (== net48) (< net45)) (&& (== net48) (< net46)) (== net8.0) (== netstandard2.0)
      Microsoft.NETCore.Platforms (>= 1.1) - restriction: || (&& (== net48) (< net46)) (== net8.0) (== netstandard2.0)
      System.IO (>= 4.3) - restriction: || (&& (== net48) (< net46)) (== net8.0) (== netstandard2.0)
      System.Reflection (>= 4.3) - restriction: || (&& (== net48) (< net46)) (== net8.0) (== netstandard2.0)
      System.Resources.ResourceManager (>= 4.3) - restriction: || (&& (== net48) (< net46)) (== net8.0) (== netstandard2.0)
      System.Runtime (>= 4.3) - restriction: || (&& (== net48) (< net46)) (== net8.0) (== netstandard2.0)
      System.Runtime.Extensions (>= 4.3) - restriction: || (&& (== net48) (< net46)) (== net8.0) (== netstandard2.0)
      System.Runtime.Handles (>= 4.3) - restriction: || (&& (== net48) (< net46)) (== net8.0) (== netstandard2.0)
      System.Runtime.InteropServices (>= 4.3) - restriction: || (&& (== net48) (< net46)) (== net8.0) (== netstandard2.0)
      System.Security.Cryptography.Algorithms (>= 4.3)
      System.Security.Cryptography.Encoding (>= 4.3) - restriction: || (&& (== net48) (< net46)) (== net8.0) (== netstandard2.0)
      System.Security.Cryptography.Primitives (>= 4.3)
      System.Text.Encoding (>= 4.3) - restriction: || (&& (== net48) (< net46)) (== net8.0) (== netstandard2.0)
      System.Threading (>= 4.3) - restriction: || (&& (== net48) (< net46)) (== net8.0) (== netstandard2.0)
    System.Security.Cryptography.Encoding (4.3) - restriction: || (&& (== net48) (< net45)) (== net8.0) (== netstandard2.0)
      Microsoft.NETCore.Platforms (>= 1.1) - restriction: || (&& (== net48) (< net46)) (== net8.0) (== netstandard2.0)
      runtime.native.System.Security.Cryptography.OpenSsl (>= 4.3) - restriction: || (&& (== net48) (< net46)) (== net8.0) (== netstandard2.0)
      System.Collections (>= 4.3) - restriction: || (&& (== net48) (< net46)) (== net8.0) (== netstandard2.0)
      System.Collections.Concurrent (>= 4.3) - restriction: || (&& (== net48) (< net46)) (== net8.0) (== netstandard2.0)
      System.Linq (>= 4.3) - restriction: || (&& (== net48) (< net46)) (== net8.0) (== netstandard2.0)
      System.Resources.ResourceManager (>= 4.3) - restriction: || (&& (== net48) (< net46)) (== net8.0) (== netstandard2.0)
      System.Runtime (>= 4.3) - restriction: || (&& (== net48) (< net46)) (== net8.0) (== netstandard2.0)
      System.Runtime.Extensions (>= 4.3) - restriction: || (&& (== net48) (< net46)) (== net8.0) (== netstandard2.0)
      System.Runtime.Handles (>= 4.3) - restriction: || (&& (== net48) (< net46)) (== net8.0) (== netstandard2.0)
      System.Runtime.InteropServices (>= 4.3) - restriction: || (&& (== net48) (< net46)) (== net8.0) (== netstandard2.0)
      System.Security.Cryptography.Primitives (>= 4.3) - restriction: || (&& (== net48) (< net46)) (== net8.0) (== netstandard2.0)
      System.Text.Encoding (>= 4.3) - restriction: || (&& (== net48) (< net46)) (== net8.0) (== netstandard2.0)
    System.Security.Cryptography.OpenSsl (5.0) - restriction: || (&& (== net48) (< net45)) (== net8.0) (== netstandard2.0)
      System.Formats.Asn1 (>= 5.0) - restriction: || (&& (== net48) (>= netcoreapp3.0)) (== net8.0) (&& (== netstandard2.0) (>= netcoreapp3.0))
    System.Security.Cryptography.Pkcs (8.0) - restriction: || (&& (== net48) (< net472)) (&& (== net48) (>= net5.0)) (== net8.0) (== netstandard2.0)
      System.Buffers (>= 4.5.1) - restriction: || (&& (== net48) (< net462)) (&& (== net8.0) (< netstandard2.1)) (== netstandard2.0)
      System.Formats.Asn1 (>= 8.0) - restriction: || (&& (== net48) (< net462)) (&& (== net48) (>= netstandard2.1)) (== net8.0) (== netstandard2.0)
      System.Memory (>= 4.5.5) - restriction: || (&& (== net48) (< net462)) (&& (== net8.0) (< netstandard2.1)) (== netstandard2.0)
      System.Security.Cryptography.Cng (>= 5.0) - restriction: || (&& (== net48) (< net462)) (&& (== net48) (>= netstandard2.1)) (&& (== net8.0) (< net6.0)) (&& (== net8.0) (< netstandard2.1)) (== netstandard2.0)
    System.Security.Cryptography.Primitives (4.3) - restriction: || (&& (== net48) (< net45)) (== net8.0) (== netstandard2.0)
      System.Diagnostics.Debug (>= 4.3) - restriction: || (&& (== net48) (< net46)) (== net8.0) (== netstandard2.0)
      System.Globalization (>= 4.3) - restriction: || (&& (== net48) (< net46)) (== net8.0) (== netstandard2.0)
      System.IO (>= 4.3) - restriction: || (&& (== net48) (< net46)) (== net8.0) (== netstandard2.0)
      System.Resources.ResourceManager (>= 4.3) - restriction: || (&& (== net48) (< net46)) (== net8.0) (== netstandard2.0)
      System.Runtime (>= 4.3) - restriction: || (&& (== net48) (< net46)) (== net8.0) (== netstandard2.0)
      System.Threading (>= 4.3) - restriction: || (&& (== net48) (< net46)) (== net8.0) (== netstandard2.0)
      System.Threading.Tasks (>= 4.3) - restriction: || (&& (== net48) (< net46)) (== net8.0) (== netstandard2.0)
    System.Security.Cryptography.ProtectedData (8.0)
      System.Memory (>= 4.5.5) - restriction: || (&& (== net48) (< net462)) (&& (== net8.0) (< net6.0)) (== netstandard2.0)
    System.Security.Cryptography.X509Certificates (4.3.2) - restriction: || (&& (== net48) (< net45)) (&& (== net48) (< net461)) (== net8.0) (== netstandard2.0)
      Microsoft.NETCore.Platforms (>= 1.1) - restriction: || (&& (== net48) (< net46)) (== net8.0) (== netstandard2.0)
      runtime.native.System (>= 4.3) - restriction: || (&& (== net48) (< net46)) (== net8.0) (== netstandard2.0)
      runtime.native.System.Net.Http (>= 4.3) - restriction: || (&& (== net48) (< net46)) (== net8.0) (== netstandard2.0)
      runtime.native.System.Security.Cryptography.OpenSsl (>= 4.3.2) - restriction: || (&& (== net48) (< net46)) (== net8.0) (== netstandard2.0)
      System.Collections (>= 4.3) - restriction: || (&& (== net48) (< net46)) (== net8.0) (== netstandard2.0)
      System.Diagnostics.Debug (>= 4.3) - restriction: || (&& (== net48) (< net46)) (== net8.0) (== netstandard2.0)
      System.Globalization (>= 4.3) - restriction: || (&& (== net48) (< net46)) (== net8.0) (== netstandard2.0)
      System.Globalization.Calendars (>= 4.3) - restriction: || (&& (== net48) (< net46)) (== net8.0) (== netstandard2.0)
      System.IO (>= 4.3) - restriction: || (&& (== net48) (< net46)) (== net8.0) (== netstandard2.0)
      System.IO.FileSystem (>= 4.3) - restriction: || (&& (== net48) (< net46)) (== net8.0) (== netstandard2.0)
      System.IO.FileSystem.Primitives (>= 4.3) - restriction: || (&& (== net48) (< net46)) (== net8.0) (== netstandard2.0)
      System.Resources.ResourceManager (>= 4.3) - restriction: || (&& (== net48) (< net46)) (== net8.0) (== netstandard2.0)
      System.Runtime (>= 4.3) - restriction: || (&& (== net48) (< net46)) (== net8.0) (== netstandard2.0)
      System.Runtime.Extensions (>= 4.3) - restriction: || (&& (== net48) (< net46)) (== net8.0) (== netstandard2.0)
      System.Runtime.Handles (>= 4.3) - restriction: || (&& (== net48) (< net46)) (== net8.0) (== netstandard2.0)
      System.Runtime.InteropServices (>= 4.3) - restriction: || (&& (== net48) (< net46)) (== net8.0) (== netstandard2.0)
      System.Runtime.Numerics (>= 4.3) - restriction: || (&& (== net48) (< net46)) (== net8.0) (== netstandard2.0)
      System.Security.Cryptography.Algorithms (>= 4.3)
      System.Security.Cryptography.Cng (>= 4.3) - restriction: || (&& (== net48) (< net46)) (== net8.0) (== netstandard2.0)
      System.Security.Cryptography.Csp (>= 4.3) - restriction: || (&& (== net48) (< net46)) (== net8.0) (== netstandard2.0)
      System.Security.Cryptography.Encoding (>= 4.3)
      System.Security.Cryptography.OpenSsl (>= 4.3) - restriction: || (&& (== net48) (< net46)) (== net8.0) (== netstandard2.0)
      System.Security.Cryptography.Primitives (>= 4.3) - restriction: || (&& (== net48) (< net46)) (== net8.0) (== netstandard2.0)
      System.Text.Encoding (>= 4.3) - restriction: || (&& (== net48) (< net46)) (== net8.0) (== netstandard2.0)
      System.Threading (>= 4.3) - restriction: || (&& (== net48) (< net46)) (== net8.0) (== netstandard2.0)
    System.Security.Permissions (8.0) - restriction: || (&& (== net48) (< net472)) (== net8.0) (== netstandard2.0)
      System.Security.AccessControl (>= 6.0) - restriction: || (== net48) (&& (== net8.0) (>= net462)) (&& (== net8.0) (< net6.0)) (== netstandard2.0)
      System.Windows.Extensions (>= 8.0) - restriction: || (&& (== net48) (>= net6.0)) (== net8.0) (&& (== netstandard2.0) (>= net6.0))
    System.Security.Principal.Windows (5.0) - restriction: || (&& (== net48) (>= monoandroid) (< netstandard1.3)) (&& (== net48) (>= monotouch)) (&& (== net48) (< net45)) (&& (== net48) (>= netcoreapp2.0)) (&& (== net48) (>= netcoreapp2.1)) (&& (== net48) (>= uap10.1)) (&& (== net48) (>= xamarinios)) (&& (== net48) (>= xamarinmac)) (&& (== net48) (>= xamarintvos)) (&& (== net48) (>= xamarinwatchos)) (== net8.0) (== netstandard2.0)
    System.Text.Encoding (4.3) - restriction: || (&& (== net48) (< net45)) (== net8.0) (== netstandard2.0)
      Microsoft.NETCore.Platforms (>= 1.1) - restriction: || (&& (== net48) (< net45)) (== net8.0) (== netstandard2.0)
      Microsoft.NETCore.Targets (>= 1.1) - restriction: || (&& (== net48) (< net45)) (== net8.0) (== netstandard2.0)
      System.Runtime (>= 4.3) - restriction: || (&& (== net48) (< net45)) (== net8.0) (== netstandard2.0)
    System.Text.Encoding.CodePages (8.0) - restriction: || (&& (== net48) (< net472)) (== net8.0) (== netstandard2.0)
      System.Memory (>= 4.5.5) - restriction: || (== net48) (&& (== net8.0) (>= net462)) (&& (== net8.0) (< net6.0)) (== netstandard2.0)
      System.Runtime.CompilerServices.Unsafe (>= 6.0) - restriction: || (== net48) (&& (== net8.0) (>= net462)) (&& (== net8.0) (< net6.0)) (&& (== net8.0) (< net7.0)) (== netstandard2.0)
    System.Text.Encodings.Web (8.0) - restriction: || (== net48) (&& (== net8.0) (>= net462)) (&& (== net8.0) (>= net472)) (&& (== net8.0) (< net5.0)) (== netstandard2.0)
      System.Buffers (>= 4.5.1) - restriction: || (== net48) (&& (== net8.0) (>= net462)) (&& (== net8.0) (< net6.0)) (== netstandard2.0)
      System.Memory (>= 4.5.5) - restriction: || (== net48) (&& (== net8.0) (>= net462)) (&& (== net8.0) (< net6.0)) (== netstandard2.0)
      System.Runtime.CompilerServices.Unsafe (>= 6.0) - restriction: || (== net48) (&& (== net8.0) (>= net462)) (&& (== net8.0) (< net6.0)) (&& (== net8.0) (< net7.0)) (== netstandard2.0)
    System.Text.Json (8.0.4) - restriction: || (== net48) (&& (== net8.0) (>= net472)) (&& (== net8.0) (< net5.0)) (== netstandard2.0)
      Microsoft.Bcl.AsyncInterfaces (>= 8.0) - restriction: || (== net48) (&& (== net8.0) (>= net462)) (&& (== net8.0) (< net6.0)) (== netstandard2.0)
      System.Buffers (>= 4.5.1) - restriction: || (== net48) (&& (== net8.0) (>= net462)) (&& (== net8.0) (< net6.0)) (== netstandard2.0)
      System.Memory (>= 4.5.5) - restriction: || (== net48) (&& (== net8.0) (>= net462)) (&& (== net8.0) (< net6.0)) (== netstandard2.0)
      System.Runtime.CompilerServices.Unsafe (>= 6.0) - restriction: || (== net48) (&& (== net8.0) (>= net462)) (&& (== net8.0) (< net6.0)) (&& (== net8.0) (< net7.0)) (== netstandard2.0)
      System.Text.Encodings.Web (>= 8.0)
      System.Threading.Tasks.Extensions (>= 4.5.4) - restriction: || (== net48) (&& (== net8.0) (>= net462)) (&& (== net8.0) (< net6.0)) (== netstandard2.0)
      System.ValueTuple (>= 4.5) - restriction: || (== net48) (&& (== net8.0) (>= net462)) (&& (== netstandard2.0) (>= net462))
    System.Threading (4.3) - restriction: || (&& (== net48) (< net45)) (== net8.0) (== netstandard2.0)
      System.Runtime (>= 4.3) - restriction: || (&& (== net48) (< net45)) (== net8.0) (== netstandard2.0)
      System.Threading.Tasks (>= 4.3) - restriction: || (&& (== net48) (< net45)) (== net8.0) (== netstandard2.0)
    System.Threading.Tasks (4.3) - restriction: || (&& (== net48) (< net45)) (== net8.0) (== netstandard2.0)
      Microsoft.NETCore.Platforms (>= 1.1) - restriction: || (&& (== net48) (< net45)) (== net8.0) (== netstandard2.0)
      Microsoft.NETCore.Targets (>= 1.1) - restriction: || (&& (== net48) (< net45)) (== net8.0) (== netstandard2.0)
      System.Runtime (>= 4.3) - restriction: || (&& (== net48) (< net45)) (== net8.0) (== netstandard2.0)
    System.Threading.Tasks.Extensions (4.5.4) - restriction: || (== net48) (&& (== net8.0) (>= net462)) (&& (== net8.0) (>= net472)) (&& (== net8.0) (< net5.0)) (&& (== net8.0) (< netstandard2.1)) (== netstandard2.0)
      System.Runtime.CompilerServices.Unsafe (>= 4.5.3) - restriction: || (== net48) (&& (== net8.0) (>= net461)) (&& (== net8.0) (< netcoreapp2.1)) (&& (== net8.0) (< netstandard1.0)) (&& (== net8.0) (< netstandard2.0)) (&& (== net8.0) (>= wp8)) (== netstandard2.0)
    System.ValueTuple (4.5) - restriction: || (== net48) (&& (== net8.0) (>= net462)) (&& (== net8.0) (>= net472)) (&& (== netstandard2.0) (>= net462))
    System.Windows.Extensions (8.0) - restriction: || (&& (== net48) (>= net6.0)) (== net8.0) (&& (== netstandard2.0) (>= net6.0))
