REDIRECTS: OFF
STORAGE: NONE
RESTRICTION: || (== net48) (== net8.0) (== netstandard2.0)
NUGET
  remote: https://api.nuget.org/v3/index.json
    BlackFox.VsWhere (1.1)
      FSharp.Core (>= 4.0.0.1) - restriction: || (== net48) (&& (== net8.0) (>= net45)) (&& (== netstandard2.0) (>= net45))
      FSharp.Core (>= 4.2.3) - restriction: || (&& (== net48) (< net45)) (== net8.0) (== netstandard2.0)
      Microsoft.Win32.Registry (>= 4.7) - restriction: || (&& (== net48) (< net45)) (== net8.0) (== netstandard2.0)
    Chessie (0.6)
      FSharp.Core (>= 4.0.1.7-alpha)
      NETStandard.Library (>= 1.6)
    Fake.Api.GitHub (6.1.3)
      FSharp.Core (>= 8.0.301)
      Octokit (>= 13.0.1)
    Fake.Core.Context (6.1.3)
      FSharp.Core (>= 8.0.301)
    Fake.Core.Environment (6.1.3)
      FSharp.Core (>= 8.0.301)
    Fake.Core.FakeVar (6.1.3)
      Fake.Core.Context (>= 6.1.3)
      FSharp.Core (>= 8.0.301)
    Fake.Core.Process (6.1.3)
      Fake.Core.Environment (>= 6.1.3)
      Fake.Core.FakeVar (>= 6.1.3)
      Fake.Core.String (>= 6.1.3)
      Fake.Core.Trace (>= 6.1.3)
      Fake.IO.FileSystem (>= 6.1.3)
      FSharp.Core (>= 8.0.301)
      System.Collections.Immutable (>= 8.0)
    Fake.Core.ReleaseNotes (6.1.3)
      Fake.Core.SemVer (>= 6.1.3)
      Fake.Core.String (>= 6.1.3)
      FSharp.Core (>= 8.0.301)
    Fake.Core.SemVer (6.1.3)
      FSharp.Core (>= 8.0.301)
    Fake.Core.String (6.1.3)
      FSharp.Core (>= 8.0.301)
    Fake.Core.Tasks (6.1.3)
      Fake.Core.Trace (>= 6.1.3)
      FSharp.Core (>= 8.0.301)
    Fake.Core.Trace (6.1.3)
      Fake.Core.Environment (>= 6.1.3)
      Fake.Core.FakeVar (>= 6.1.3)
      FSharp.Core (>= 8.0.301)
    Fake.Core.Xml (6.1.3)
      Fake.Core.String (>= 6.1.3)
      FSharp.Core (>= 8.0.301)
    Fake.DotNet.Cli (6.1.3)
      Fake.Core.Environment (>= 6.1.3)
      Fake.Core.Process (>= 6.1.3)
      Fake.Core.String (>= 6.1.3)
      Fake.Core.Trace (>= 6.1.3)
      Fake.DotNet.MSBuild (>= 6.1.3)
      Fake.DotNet.NuGet (>= 6.1.3)
      Fake.IO.FileSystem (>= 6.1.3)
      FSharp.Core (>= 8.0.301)
      Mono.Posix.NETStandard (>= 1.0)
      Newtonsoft.Json (>= 13.0.3)
    Fake.DotNet.MSBuild (6.1.3)
      BlackFox.VsWhere (>= 1.1)
      Fake.Core.Environment (>= 6.1.3)
      Fake.Core.Process (>= 6.1.3)
      Fake.Core.String (>= 6.1.3)
      Fake.Core.Trace (>= 6.1.3)
      Fake.IO.FileSystem (>= 6.1.3)
      FSharp.Core (>= 8.0.301)
      MSBuild.StructuredLogger (>= 2.1.815)
    Fake.DotNet.NuGet (6.1.3)
      Fake.Core.Environment (>= 6.1.3)
      Fake.Core.Process (>= 6.1.3)
      Fake.Core.SemVer (>= 6.1.3)
      Fake.Core.String (>= 6.1.3)
      Fake.Core.Tasks (>= 6.1.3)
      Fake.Core.Trace (>= 6.1.3)
      Fake.Core.Xml (>= 6.1.3)
      Fake.IO.FileSystem (>= 6.1.3)
      Fake.Net.Http (>= 6.1.3)
      FSharp.Core (>= 8.0.301)
      Newtonsoft.Json (>= 13.0.3)
      NuGet.Protocol (>= 6.10.1)
    Fake.IO.FileSystem (6.1.3)
      Fake.Core.String (>= 6.1.3)
      Fake.Core.Trace (>= 6.1.3)
      FSharp.Core (>= 8.0.301)
    Fake.Net.Http (6.1.3)
      Fake.Core.Trace (>= 6.1.3)
      FSharp.Core (>= 8.0.301)
    Fake.Tools.Git (6.1.3)
      Fake.Core.Environment (>= 6.1.3)
      Fake.Core.Process (>= 6.1.3)
      Fake.Core.SemVer (>= 6.1.3)
      Fake.Core.String (>= 6.1.3)
      Fake.Core.Trace (>= 6.1.3)
      Fake.IO.FileSystem (>= 6.1.3)
      FSharp.Core (>= 8.0.301)
    FSharp.Core (8.0.400)
    FsUnit (5.6.1)
      FSharp.Core (>= 5.0.2)
      NUnit (>= 3.14 < 4.0)
    Microsoft.Bcl.AsyncInterfaces (9.0.4) - restriction: || (== net48) (&& (== net8.0) (>= net472)) (== netstandard2.0)
      System.Threading.Tasks.Extensions (>= 4.5.4) - restriction: || (== net48) (&& (== net8.0) (>= net462)) (&& (== net8.0) (< netstandard2.1)) (== netstandard2.0)
    Microsoft.Bcl.Cryptography (9.0.4) - restriction: || (&& (== net48) (< net472)) (&& (== net48) (>= net8.0)) (&& (== net48) (>= netstandard2.1)) (== net8.0) (== netstandard2.0)
      System.Formats.Asn1 (>= 9.0.4)
      System.Memory (>= 4.5.5) - restriction: || (== net48) (&& (== net8.0) (>= net462)) (== netstandard2.0)
      System.Runtime.CompilerServices.Unsafe (>= 6.0) - restriction: || (== net48) (&& (== net8.0) (>= net462)) (== netstandard2.0)
    Microsoft.Build.Framework (17.13.9)
      Microsoft.Win32.Registry (>= 5.0) - restriction: || (&& (== net48) (< net472)) (== net8.0) (== netstandard2.0)
      System.Memory (>= 4.5.5) - restriction: || (&& (== net48) (< net472)) (== net8.0) (== netstandard2.0)
      System.Runtime.CompilerServices.Unsafe (>= 6.0)
      System.Security.Principal.Windows (>= 5.0) - restriction: || (&& (== net48) (< net472)) (== net8.0) (== netstandard2.0)
    Microsoft.Build.Utilities.Core (17.13.9)
      Microsoft.Build.Framework (>= 17.13.9)
      Microsoft.IO.Redist (>= 6.0.1) - restriction: || (== net48) (&& (== net8.0) (>= net472)) (&& (== netstandard2.0) (>= net472))
      Microsoft.NET.StringTools (>= 17.13.9)
      Microsoft.Win32.Registry (>= 5.0) - restriction: || (&& (== net48) (< net472)) (== net8.0) (== netstandard2.0)
      System.Collections.Immutable (>= 8.0)
      System.Configuration.ConfigurationManager (>= 8.0)
      System.Memory (>= 4.5.5)
      System.Runtime.CompilerServices.Unsafe (>= 6.0)
      System.Security.Principal.Windows (>= 5.0) - restriction: || (&& (== net48) (< net472)) (== net8.0) (== netstandard2.0)
      System.Text.Encoding.CodePages (>= 7.0) - restriction: || (&& (== net48) (< net472)) (== net8.0) (== netstandard2.0)
    Microsoft.CodeCoverage (17.13) - restriction: || (== net48) (== net8.0) (&& (== netstandard2.0) (>= net462)) (&& (== netstandard2.0) (>= netcoreapp3.1))
    Microsoft.IO.Redist (6.1.3) - restriction: || (== net48) (&& (== net8.0) (>= net472)) (&& (== netstandard2.0) (>= net472))
      System.Buffers (>= 4.6.1) - restriction: || (== net48) (&& (== net8.0) (>= net472)) (&& (== netstandard2.0) (>= net472))
      System.Memory (>= 4.6.3) - restriction: || (== net48) (&& (== net8.0) (>= net472)) (&& (== netstandard2.0) (>= net472))
    Microsoft.NET.StringTools (17.13.9)
      System.Memory (>= 4.5.5)
      System.Runtime.CompilerServices.Unsafe (>= 6.0)
    Microsoft.NET.Test.Sdk (17.9)
      Microsoft.CodeCoverage (>= 17.9) - restriction: || (== net48) (== net8.0) (&& (== netstandard2.0) (>= net462)) (&& (== netstandard2.0) (>= netcoreapp3.1))
      Microsoft.TestPlatform.TestHost (>= 17.9) - restriction: || (&& (== net48) (>= netcoreapp3.1)) (== net8.0) (&& (== netstandard2.0) (>= netcoreapp3.1))
    Microsoft.NETCore.Platforms (7.0.4) - restriction: || (&& (== net48) (< net35)) (&& (== net48) (>= netcoreapp2.0)) (&& (== net48) (< netstandard1.0) (>= win8)) (&& (== net48) (< netstandard1.3) (>= wpa81)) (&& (== net48) (< netstandard1.5) (>= uap10.0)) (&& (== net48) (>= uap10.1)) (&& (== net48) (>= wp8)) (== net8.0) (== netstandard2.0)
    Microsoft.TestPlatform.ObjectModel (17.13) - restriction: || (&& (== net48) (>= netcoreapp3.1)) (== net8.0) (&& (== netstandard2.0) (>= netcoreapp3.1))
      System.Reflection.Metadata (>= 1.6)
    Microsoft.TestPlatform.TestHost (17.13) - restriction: || (&& (== net48) (>= netcoreapp3.1)) (== net8.0) (&& (== netstandard2.0) (>= netcoreapp3.1))
      Microsoft.TestPlatform.ObjectModel (>= 17.13) - restriction: || (&& (== net48) (>= netcoreapp3.1)) (== net8.0) (&& (== netstandard2.0) (>= netcoreapp3.1))
      Newtonsoft.Json (>= 13.0.1) - restriction: || (&& (== net48) (>= netcoreapp3.1)) (== net8.0) (&& (== netstandard2.0) (>= netcoreapp3.1))
    Microsoft.Win32.Registry (5.0) - restriction: || (&& (== net48) (< net472)) (== net8.0) (== netstandard2.0)
      System.Buffers (>= 4.5.1) - restriction: || (&& (== net48) (>= monoandroid) (< netstandard1.3)) (&& (== net48) (>= monotouch)) (&& (== net48) (< net46)) (&& (== net48) (>= xamarinios)) (&& (== net48) (>= xamarinmac)) (&& (== net48) (>= xamarintvos)) (&& (== net48) (>= xamarinwatchos)) (&& (== net8.0) (>= monoandroid) (< netstandard1.3)) (&& (== net8.0) (>= monotouch)) (&& (== net8.0) (< netcoreapp2.0)) (&& (== net8.0) (>= xamarinios)) (&& (== net8.0) (>= xamarinmac)) (&& (== net8.0) (>= xamarintvos)) (&& (== net8.0) (>= xamarinwatchos)) (== netstandard2.0)
      System.Memory (>= 4.5.4) - restriction: || (&& (== net48) (< net46)) (&& (== net48) (>= netcoreapp2.0)) (&& (== net48) (>= uap10.1)) (&& (== net8.0) (< netcoreapp2.0)) (&& (== net8.0) (< netcoreapp2.1)) (&& (== net8.0) (>= uap10.1)) (== netstandard2.0)
      System.Security.AccessControl (>= 5.0)
      System.Security.Principal.Windows (>= 5.0)
    Mono.Cecil (0.11.6)
    Mono.Posix.NETStandard (1.0)
    MSBuild.StructuredLogger (2.2.472)
      Microsoft.Build.Framework (>= 17.5)
      Microsoft.Build.Utilities.Core (>= 17.5)
      System.Collections.Immutable (>= 8.0)
      System.Memory (>= 4.6) - restriction: || (== net48) (== netstandard2.0)
      System.Runtime.CompilerServices.Unsafe (>= 6.1) - restriction: || (== net48) (== netstandard2.0)
    NETStandard.Library (2.0.3)
      Microsoft.NETCore.Platforms (>= 1.1)
    Newtonsoft.Json (13.0.3)
    NuGet.Common (6.13.2)
      NuGet.Frameworks (>= 6.13.2)
      System.Collections.Immutable (>= 8.0)
    NuGet.Configuration (6.13.2)
      NuGet.Common (>= 6.13.2)
      System.Security.Cryptography.ProtectedData (>= 4.4) - restriction: || (&& (== net48) (< net472)) (== net8.0) (== netstandard2.0)
    NuGet.Frameworks (6.13.2)
    NuGet.Packaging (6.13.2)
      Newtonsoft.Json (>= 13.0.3)
      NuGet.Configuration (>= 6.13.2)
      NuGet.Versioning (>= 6.13.2)
      System.Formats.Asn1 (>= 8.0.1) - restriction: || (&& (== net48) (< net472)) (&& (== net48) (>= net8.0)) (== net8.0) (== netstandard2.0)
      System.Memory (>= 4.5.5) - restriction: || (== net48) (&& (== net8.0) (>= net472)) (&& (== netstandard2.0) (>= net472))
      System.Security.Cryptography.Pkcs (>= 6.0.4) - restriction: || (&& (== net48) (< net472)) (&& (== net48) (>= net8.0)) (== net8.0) (== netstandard2.0)
      System.Text.Json (>= 8.0.5) - restriction: || (== net48) (&& (== net8.0) (>= net472)) (== netstandard2.0)
    NuGet.Protocol (6.13.2)
      NuGet.Packaging (>= 6.13.2)
      System.Text.Json (>= 8.0.5) - restriction: || (== net48) (&& (== net8.0) (>= net472)) (== netstandard2.0)
    NuGet.Versioning (6.13.2)
    NUnit (3.14)
      NETStandard.Library (>= 2.0) - restriction: || (&& (== net48) (< net35)) (== net8.0) (== netstandard2.0)
    NUnit3TestAdapter (4.5)
    Octokit (14.0)
    Paket.Core (9.0.2)
      Chessie (>= 0.6)
      FSharp.Core (>= 8.0.400)
      Mono.Cecil (>= 0.11.3 < 0.12)
      Newtonsoft.Json (>= 13.0.1)
      NuGet.Packaging (>= 5.9.1)
      System.Net.Http.WinHttpHandler (>= 5.0)
      System.Security.Cryptography.ProtectedData (>= 5.0)
    SharpZipLib (1.4.2)
      System.Memory (>= 4.5.4) - restriction: || (== net48) (&& (== net8.0) (< netstandard2.1)) (== netstandard2.0)
      System.Threading.Tasks.Extensions (>= 4.5.2) - restriction: || (== net48) (&& (== net8.0) (< netstandard2.1)) (== netstandard2.0)
    System.Buffers (4.6.1) - restriction: || (== net48) (&& (== net8.0) (>= net462)) (&& (== net8.0) (>= net472)) (&& (== net8.0) (< netcoreapp2.1) (< netstandard2.1)) (== netstandard2.0)
    System.Collections.Immutable (9.0.4)
      System.Memory (>= 4.5.5) - restriction: || (== net48) (&& (== net8.0) (>= net462)) (== netstandard2.0)
      System.Runtime.CompilerServices.Unsafe (>= 6.0) - restriction: || (== net48) (&& (== net8.0) (>= net462)) (== netstandard2.0)
    System.Configuration.ConfigurationManager (9.0.4)
      System.Diagnostics.EventLog (>= 9.0.4) - restriction: || (&& (== net48) (>= net8.0)) (== net8.0) (&& (== netstandard2.0) (>= net8.0))
      System.Security.Cryptography.ProtectedData (>= 9.0.4) - restriction: || (&& (== net48) (< net462)) (&& (== net48) (>= net8.0)) (== net8.0) (== netstandard2.0)
    System.Diagnostics.EventLog (9.0.4) - restriction: || (&& (== net48) (>= net8.0)) (== net8.0) (&& (== netstandard2.0) (>= net8.0))
    System.Formats.Asn1 (9.0.4) - restriction: || (&& (== net48) (< net462)) (&& (== net48) (< net472)) (&& (== net48) (>= net8.0)) (&& (== net48) (>= netstandard2.1)) (== net8.0) (== netstandard2.0)
      System.Buffers (>= 4.5.1) - restriction: || (== net48) (&& (== net8.0) (>= net462)) (== netstandard2.0)
      System.Memory (>= 4.5.5) - restriction: || (== net48) (&& (== net8.0) (>= net462)) (== netstandard2.0)
    System.IO.Pipelines (9.0.4) - restriction: || (== net48) (&& (== net8.0) (>= net472)) (== netstandard2.0)
      System.Buffers (>= 4.5.1) - restriction: || (== net48) (&& (== net8.0) (>= net462)) (== netstandard2.0)
      System.Memory (>= 4.5.5) - restriction: || (== net48) (&& (== net8.0) (>= net462)) (== netstandard2.0)
      System.Threading.Tasks.Extensions (>= 4.5.4) - restriction: || (== net48) (&& (== net8.0) (>= net462)) (== netstandard2.0)
    System.Memory (4.6.3)
      System.Buffers (>= 4.6.1) - restriction: || (== net48) (&& (== net8.0) (>= net462)) (&& (== net8.0) (< netcoreapp2.1) (< netstandard2.1)) (== netstandard2.0)
      System.Numerics.Vectors (>= 4.6.1) - restriction: || (== net48) (&& (== net8.0) (>= net462)) (&& (== net8.0) (< netcoreapp2.1) (< netstandard2.1)) (== netstandard2.0)
      System.Runtime.CompilerServices.Unsafe (>= 6.1.2) - restriction: || (== net48) (&& (== net8.0) (>= net462)) (&& (== net8.0) (< netcoreapp2.1) (< netstandard2.1)) (== netstandard2.0)
    System.Net.Http.WinHttpHandler (9.0.4)
      System.Buffers (>= 4.5.1) - restriction: || (== net48) (&& (== net8.0) (>= net462)) (&& (== netstandard2.0) (>= net462))
      System.Memory (>= 4.5.5) - restriction: || (== net48) (&& (== net8.0) (>= net462)) (&& (== netstandard2.0) (>= net462))
    System.Numerics.Vectors (4.6.1) - restriction: || (== net48) (&& (== net8.0) (>= net462)) (&& (== net8.0) (< netcoreapp2.1) (< netstandard2.1)) (== netstandard2.0)
    System.Reflection.Metadata (9.0.4) - restriction: || (&& (== net48) (>= netcoreapp3.1)) (== net8.0) (&& (== netstandard2.0) (>= netcoreapp3.1))
      System.Collections.Immutable (>= 9.0.4)
    System.Runtime.CompilerServices.Unsafe (6.1.2)
    System.Security.AccessControl (6.0.1) - restriction: || (&& (== net48) (>= monoandroid) (< netstandard1.3)) (&& (== net48) (>= monotouch)) (&& (== net48) (< net46)) (&& (== net48) (< net472)) (&& (== net48) (>= netcoreapp2.0)) (&& (== net48) (>= netcoreapp2.1)) (&& (== net48) (>= uap10.1)) (&& (== net48) (>= xamarinios)) (&& (== net48) (>= xamarinmac)) (&& (== net48) (>= xamarintvos)) (&& (== net48) (>= xamarinwatchos)) (== net8.0) (== netstandard2.0)
      System.Security.Principal.Windows (>= 5.0) - restriction: || (== net48) (&& (== net8.0) (>= net461)) (&& (== net8.0) (< net6.0)) (== netstandard2.0)
    System.Security.Cryptography.Cng (5.0) - restriction: || (&& (== net48) (== net8.0)) (&& (== net48) (< net462)) (&& (== net48) (>= net8.0)) (&& (== net48) (>= netstandard2.1)) (&& (== net8.0) (< netstandard2.1)) (== netstandard2.0)
    System.Security.Cryptography.Pkcs (9.0.4) - restriction: || (&& (== net48) (< net472)) (&& (== net48) (>= net8.0)) (== net8.0) (== netstandard2.0)
      Microsoft.Bcl.Cryptography (>= 9.0.4)
      System.Buffers (>= 4.5.1) - restriction: || (&& (== net48) (< net462)) (&& (== net8.0) (< netstandard2.1)) (== netstandard2.0)
      System.Formats.Asn1 (>= 9.0.4) - restriction: || (&& (== net48) (< net462)) (&& (== net48) (>= net8.0)) (&& (== net48) (>= netstandard2.1)) (== net8.0) (== netstandard2.0)
      System.Memory (>= 4.5.5) - restriction: || (&& (== net48) (< net462)) (&& (== net8.0) (< netstandard2.1)) (== netstandard2.0)
      System.Runtime.CompilerServices.Unsafe (>= 6.0) - restriction: || (&& (== net48) (< net462)) (&& (== net48) (>= netstandard2.1)) (&& (== net8.0) (< netstandard2.1)) (== netstandard2.0)
      System.Security.Cryptography.Cng (>= 5.0) - restriction: || (&& (== net48) (< net462)) (&& (== net48) (>= netstandard2.1)) (&& (== net8.0) (< netstandard2.1)) (== netstandard2.0)
    System.Security.Cryptography.ProtectedData (9.0.4)
      System.Memory (>= 4.5.5) - restriction: || (&& (== net48) (< net462)) (== netstandard2.0)
    System.Security.Principal.Windows (5.0) - restriction: || (&& (== net48) (>= monoandroid) (< netstandard1.3)) (&& (== net48) (>= monotouch)) (&& (== net48) (< net46)) (&& (== net48) (< net472)) (&& (== net48) (>= netcoreapp2.0)) (&& (== net48) (>= netcoreapp2.1)) (&& (== net48) (>= uap10.1)) (&& (== net48) (>= xamarinios)) (&& (== net48) (>= xamarinmac)) (&& (== net48) (>= xamarintvos)) (&& (== net48) (>= xamarinwatchos)) (== net8.0) (== netstandard2.0)
    System.Text.Encoding.CodePages (9.0.4) - restriction: || (&& (== net48) (< net472)) (== net8.0) (== netstandard2.0)
      System.Memory (>= 4.5.5) - restriction: || (== net48) (&& (== net8.0) (>= net462)) (== netstandard2.0)
      System.Runtime.CompilerServices.Unsafe (>= 6.0) - restriction: || (== net48) (&& (== net8.0) (>= net462)) (== netstandard2.0)
    System.Text.Encodings.Web (9.0.4) - restriction: || (== net48) (&& (== net8.0) (>= net472)) (== netstandard2.0)
      System.Buffers (>= 4.5.1) - restriction: || (== net48) (&& (== net8.0) (>= net462)) (== netstandard2.0)
      System.Memory (>= 4.5.5) - restriction: || (== net48) (&& (== net8.0) (>= net462)) (== netstandard2.0)
      System.Runtime.CompilerServices.Unsafe (>= 6.0) - restriction: || (== net48) (&& (== net8.0) (>= net462)) (== netstandard2.0)
    System.Text.Json (9.0.4) - restriction: || (== net48) (&& (== net8.0) (>= net472)) (== netstandard2.0)
      Microsoft.Bcl.AsyncInterfaces (>= 9.0.4) - restriction: || (== net48) (&& (== net8.0) (>= net462)) (== netstandard2.0)
      System.Buffers (>= 4.5.1) - restriction: || (== net48) (&& (== net8.0) (>= net462)) (== netstandard2.0)
      System.IO.Pipelines (>= 9.0.4)
      System.Memory (>= 4.5.5) - restriction: || (== net48) (&& (== net8.0) (>= net462)) (== netstandard2.0)
      System.Runtime.CompilerServices.Unsafe (>= 6.0) - restriction: || (== net48) (&& (== net8.0) (>= net462)) (== netstandard2.0)
      System.Text.Encodings.Web (>= 9.0.4)
      System.Threading.Tasks.Extensions (>= 4.5.4) - restriction: || (== net48) (&& (== net8.0) (>= net462)) (== netstandard2.0)
      System.ValueTuple (>= 4.5) - restriction: || (== net48) (&& (== net8.0) (>= net462)) (&& (== netstandard2.0) (>= net462))
    System.Threading.Tasks.Extensions (4.6.3) - restriction: || (== net48) (&& (== net8.0) (>= net472)) (&& (== net8.0) (< netstandard2.1)) (== netstandard2.0)
      System.Runtime.CompilerServices.Unsafe (>= 6.1.2) - restriction: || (== net48) (&& (== net8.0) (>= net462)) (&& (== net8.0) (< netcoreapp2.1) (< netstandard2.1)) (== netstandard2.0)
    System.ValueTuple (4.6.1) - restriction: || (== net48) (&& (== net8.0) (>= net472)) (&& (== netstandard2.0) (>= net462))
